PATH
  remote: .
  specs:
    thruster (0.0.0)

GEM
  remote: https://rubygems.org/
  specs:

PLATFORMS
  arm64-darwin-23
  ruby

DEPENDENCIES
  thruster!

BUNDLED WITH
   2.5.6
